PATH
  remote: ../..
  specs:
    p5rb (0.0.0)

GEM
  remote: https://rubygems.org/
  specs:

PLATFORMS
  ruby

DEPENDENCIES
  p5rb!

BUNDLED WITH
   2.1.4
